GEM
  remote: https://rubygems.org/
  specs:
    builder (3.2.2)
    childprocess (0.6.1)
      ffi (~> 1.0, >= 1.0.11)
    coderay (1.1.1)
    cucumber (1.3.8)
      builder (>= 2.1.2)
      diff-lcs (>= 1.1.3)
      gherkin (~> 2.12.1)
      multi_json (>= 1.7.5, < 2.0)
      multi_test (>= 0.0.2)
    diff-lcs (1.2.4)
    ffi (1.9.17)
    gherkin (2.12.2)
      multi_json (~> 1.3)
    gherkin (2.12.2-x86-mingw32)
      multi_json (~> 1.3)
    method_source (0.8.2)
    multi_json (1.8.2)
    multi_test (0.0.2)
    pry (0.10.4)
      coderay (~> 1.1.0)
      method_source (~> 0.8.1)
      slop (~> 3.4)
    rspec-expectations (2.14.3)
      diff-lcs (>= 1.1.3, < 2.0)
    rubyzip (1.2.0)
    selenium-webdriver (3.0.5)
      childprocess (~> 0.5)
      rubyzip (~> 1.0)
      websocket (~> 1.0)
    slop (3.6.0)
    websocket (1.2.4)

PLATFORMS
  ruby
  x86-mingw32

DEPENDENCIES
  cucumber
  pry
  rspec-expectations
  selenium-webdriver

BUNDLED WITH
   1.14.3
